GEM
  specs:
    puma (3.12.0)

PLATFORMS
  ruby

DEPENDENCIES
  puma

BUNDLED WITH
   1.16.3
